PATH
  remote: .
  specs:
    contactually-api (0.0.7)
      activesupport (~> 4.1)
      faraday (~> 0.9)
      roar (~> 0.12)

GEM
  remote: http://rubygems.org/
  specs:
    activesupport (4.1.5)
      i18n (~> 0.6, >= 0.6.9)
      json (~> 1.7, >= 1.7.7)
      minitest (~> 5.1)
      thread_safe (~> 0.1)
      tzinfo (~> 1.1)
    byebug (3.4.0)
      columnize (~> 0.8)
      debugger-linecache (~> 1.2)
      slop (~> 3.6)
    coderay (1.1.0)
    columnize (0.8.9)
    debugger-linecache (1.2.0)
    diff-lcs (1.2.5)
    faraday (0.9.0)
      multipart-post (>= 1.2, < 3)
    i18n (0.6.11)
    json (1.8.1)
    method_source (0.8.2)
    mini_portile (0.6.0)
    minitest (5.4.1)
    multi_json (1.10.1)
    multipart-post (2.0.0)
    nokogiri (1.6.3.1)
      mini_portile (= 0.6.0)
    pry (0.10.1)
      coderay (~> 1.1.0)
      method_source (~> 0.8.1)
      slop (~> 3.4)
    pry-byebug (2.0.0)
      byebug (~> 3.4)
      pry (~> 0.10)
    rake (12.3.3)
    representable (1.8.5)
      multi_json
      nokogiri
      uber
    roar (0.12.9)
      representable (>= 1.6.0, < 2.0.0)
    rspec (3.1.0)
      rspec-core (~> 3.1.0)
      rspec-expectations (~> 3.1.0)
      rspec-mocks (~> 3.1.0)
    rspec-core (3.1.2)
      rspec-support (~> 3.1.0)
    rspec-expectations (3.1.0)
      diff-lcs (>= 1.2.0, < 2.0)
      rspec-support (~> 3.1.0)
    rspec-mocks (3.1.0)
      rspec-support (~> 3.1.0)
    rspec-support (3.1.0)
    slop (3.6.0)
    thread_safe (0.3.4)
    tzinfo (1.2.2)
      thread_safe (~> 0.1)
    uber (0.0.8)

PLATFORMS
  ruby

DEPENDENCIES
  contactually-api!
  pry-byebug (~> 2.0)
  rake (~> 12)
  rspec (~> 3)
